GEM
  remote: https://rubygems.org/
  specs:
    bcrypt (3.1.11)
    coderay (1.1.1)
    method_source (0.8.2)
    mysql (2.9.1)
    pry (0.10.3)
      coderay (~> 1.1.0)
      method_source (~> 0.8.1)
      slop (~> 3.4)
    rack (1.6.4)
    rack-protection (1.5.3)
      rack
    rake (11.1.2)
    require_all (1.3.3)
    sequel (4.34.0)
    sinatra (1.4.7)
      rack (~> 1.5)
      rack-protection (~> 1.4)
      tilt (>= 1.3, < 3)
    sinatra-flash (0.3.0)
      sinatra (>= 1.0.0)
    sinatra-partial (1.0.0)
      sinatra (~> 1.4)
    slop (3.6.0)
    tilt (2.0.4)

PLATFORMS
  ruby

DEPENDENCIES
  bcrypt
  mysql
  pry
  rake
  require_all
  sequel
  sinatra
  sinatra-flash
  sinatra-partial

BUNDLED WITH
   1.12.4
